PATH
  remote: .
  specs:
    engineyard-hudson (0.2.2)
      engineyard (~> 1.3.3)
      thor (~> 0.14.3)

GEM
  remote: http://rubygems.org/
  specs:
    awesome_print (0.2.1)
    builder (2.1.2)
    cucumber (0.9.3)
      builder (~> 2.1.2)
      diff-lcs (~> 1.1.2)
      gherkin (~> 2.2.9)
      json (~> 1.4.6)
      term-ansicolor (~> 1.0.5)
    diff-lcs (1.1.2)
    engineyard (1.3.3)
      engineyard-serverside-adapter (= 1.3.5)
      escape (~> 0.0.4)
      highline (~> 1.5.2)
      json_pure
      rest-client (~> 1.4)
      thor (~> 0.14.3)
    engineyard-serverside-adapter (1.3.5)
      escape (~> 0.0.4)
      json_pure
    escape (0.0.4)
    gherkin (2.2.9)
      json (~> 1.4.6)
      term-ansicolor (~> 1.0.5)
    highline (1.5.2)
    json (1.4.6)
    json_pure (1.4.6)
    mime-types (1.16)
    rake (0.8.7)
    rest-client (1.6.1)
      mime-types (>= 1.16)
    rspec (2.0.1)
      rspec-core (~> 2.0.1)
      rspec-expectations (~> 2.0.1)
      rspec-mocks (~> 2.0.1)
    rspec-core (2.0.1)
    rspec-expectations (2.0.1)
      diff-lcs (>= 1.1.2)
    rspec-mocks (2.0.1)
      rspec-core (~> 2.0.1)
      rspec-expectations (~> 2.0.1)
    term-ansicolor (1.0.5)
    thor (0.14.3)

PLATFORMS
  ruby

DEPENDENCIES
  awesome_print
  cucumber (~> 0.9.3)
  engineyard (~> 1.3.3)
  engineyard-hudson!
  json (~> 1.4.0)
  rake (~> 0.8.7)
  rspec (~> 2.0.1)
  thor (~> 0.14.3)
