PATH
  remote: .
  specs:
    engineyard-hudson (0.3.0)
      engineyard (~> 1.3.4)
      thor (~> 0.14.6)

GEM
  remote: http://rubygems.org/
  specs:
    awesome_print (0.2.1)
    builder (2.1.2)
    cucumber (0.9.4)
      builder (~> 2.1.2)
      diff-lcs (~> 1.1.2)
      gherkin (~> 2.2.9)
      json (~> 1.4.6)
      term-ansicolor (~> 1.0.5)
    diff-lcs (1.1.2)
    engineyard (1.3.4)
      engineyard-serverside-adapter (= 1.3.5)
      escape (~> 0.0.4)
      highline (~> 1.6.1)
      json_pure
      rest-client (~> 1.4)
      thor (~> 0.14.3)
    engineyard-serverside-adapter (1.3.5)
      escape (~> 0.0.4)
      json_pure
    escape (0.0.4)
    fakeweb (1.3.0)
    gherkin (2.2.9)
      json (~> 1.4.6)
      term-ansicolor (~> 1.0.5)
    highline (1.6.1)
    json (1.4.6)
    json_pure (1.4.6)
    mime-types (1.16)
    open4 (1.0.1)
    rack (1.2.1)
    rake (0.8.7)
    realweb (0.1.6)
      rack (>= 1.1.0)
    rest-client (1.6.1)
      mime-types (>= 1.16)
    rspec (2.1.0)
      rspec-core (~> 2.1.0)
      rspec-expectations (~> 2.1.0)
      rspec-mocks (~> 2.1.0)
    rspec-core (2.1.0)
    rspec-expectations (2.1.0)
      diff-lcs (~> 1.1.2)
    rspec-mocks (2.1.0)
    sinatra (1.1.0)
      rack (~> 1.1)
      tilt (~> 1.1)
    term-ansicolor (1.0.5)
    thor (0.14.6)
    tilt (1.1)

PLATFORMS
  ruby

DEPENDENCIES
  awesome_print
  cucumber (~> 0.9.4)
  engineyard (~> 1.3.4)
  engineyard-hudson!
  fakeweb (~> 1.3.0)
  json (~> 1.4.0)
  open4
  rake (~> 0.8.7)
  realweb (~> 0.1.6)
  rspec (~> 2.1.0)
  sinatra
  thor (~> 0.14.6)
